PATH
  remote: .
  specs:
    pukiwiki2growi (0.2.1)
      json
      mime-types
      parallel
      rest-client (>= 2.0.0)
      ruby-progressbar
      yaml

GEM
  remote: https://rubygems.org/
  specs:
    docile (1.3.2)
    domain_name (0.5.20190701)
      unf (>= 0.0.5, < 1.0.0)
    http-accept (1.7.0)
    http-cookie (1.0.3)
      domain_name (~> 0.5)
    json (2.3.1)
    mime-types (3.3.1)
      mime-types-data (~> 3.2015)
    mime-types-data (3.2020.0512)
    minitest (5.14.1)
    netrc (0.11.0)
    parallel (1.19.2)
    rake (12.3.3)
    rest-client (2.1.0)
      http-accept (>= 1.7.0, < 2.0)
      http-cookie (>= 1.0.2, < 2.0)
      mime-types (>= 1.16, < 4.0)
      netrc (~> 0.8)
    ruby-progressbar (1.10.1)
    simplecov (0.18.5)
      docile (~> 1.1)
      simplecov-html (~> 0.11)
    simplecov-html (0.12.2)
    unf (0.1.4)
      unf_ext
    unf_ext (0.0.7.7)
    yaml (0.1.0)

PLATFORMS
  ruby

DEPENDENCIES
  bundler
  minitest (~> 5.0)
  pukiwiki2growi!
  rake (~> 12.0)
  simplecov (~> 0.10)

BUNDLED WITH
   2.1.4
